GIT
  remote: https://github.com/datamapper/devtools.git
  revision: 2b2d06d1b0b7abf8dc6c7df60b4a3eb10f5d1ae4
  specs:
    devtools (0.0.1)
      ice_nine (~> 0.7.0)

GIT
  remote: https://github.com/troessner/reek.git
  revision: 6ae90badb140715577eca79107193d08a1213b5b
  specs:
    reek (1.3.1)
      ruby2ruby (~> 2.0.2)
      ruby_parser (~> 3.1.1)
      sexp_processor

PATH
  remote: .
  specs:
    unparser (0.0.1)
      abstract_type (~> 0.0.5)
      adamantium (~> 0.0.7)
      concord (~> 0.0.3)
      equalizer (~> 0.0.5)
      parser (~> 0.9.alpha1)

PATH
  remote: ../parser
  specs:
    parser (0.9.alpha1)
      ast (~> 1.0)

GEM
  remote: https://rubygems.org/
  specs:
    abstract_type (0.0.5)
      backports (~> 3.0, >= 3.0.3)
    adamantium (0.0.7)
      backports (~> 3.0, >= 3.0.3)
      ice_nine (~> 0.7.0)
    ast (1.0.2)
    backports (3.3.0)
    coderay (1.0.9)
    colorize (0.5.8)
    concord (0.0.3)
      adamantium (~> 0.0.7)
      equalizer (~> 0.0.5)
    coveralls (0.6.4)
      colorize
      multi_json (~> 1.3)
      rest-client
      simplecov (>= 0.7)
      thor
    descendants_tracker (0.0.1)
    diff-lcs (1.2.2)
    equalizer (0.0.5)
      adamantium (~> 0.0.6)
      backports (~> 3.0, >= 3.0.3)
    ffi (1.6.0)
    ffi-hunspell (0.2.6)
      ffi (~> 1.0)
    flay (2.1.0)
      ruby_parser (~> 3.0)
      sexp_processor (~> 4.0)
    flog (3.2.3)
      ruby_parser (~> 3.1, > 3.1.0)
      sexp_processor (~> 4.0)
    formatador (0.2.4)
    guard (1.7.0)
      formatador (>= 0.2.4)
      listen (>= 0.6.0)
      lumberjack (>= 1.0.2)
      pry (>= 0.9.10)
      thor (>= 0.14.6)
    guard-bundler (1.0.0)
      bundler (~> 1.0)
      guard (~> 1.1)
    guard-rspec (2.5.2)
      guard (>= 1.1)
      rspec (~> 2.11)
    ice_nine (0.7.0)
    inflecto (0.0.2)
    kramdown (1.0.1)
    libnotify (0.8.0)
      ffi (>= 1.0.11)
    listen (0.7.3)
    lumberjack (1.0.3)
    method_source (0.8.1)
    mime-types (1.22)
    multi_json (1.7.2)
    mutant (0.2.20)
      abstract_type (~> 0.0.3)
      adamantium (~> 0.0.7)
      backports (~> 3.0, >= 3.0.3)
      descendants_tracker (~> 0.0.1)
      diff-lcs (~> 1.2.1)
      equalizer (~> 0.0.5)
      ice_nine (~> 0.7.0)
      inflecto (~> 0.0.2)
      rspec (~> 2.13.0)
      to_source (~> 0.2.19)
    mutant-melbourne (2.0.3)
    pelusa (0.2.2)
    pry (0.9.12)
      coderay (~> 1.0.5)
      method_source (~> 0.8)
      slop (~> 3.4)
    rake (10.0.4)
    rb-fchange (0.0.6)
      ffi
    rb-fsevent (0.9.3)
    rb-inotify (0.9.0)
      ffi (>= 0.5.0)
    rb-notifu (0.0.4)
    rbench (0.2.3)
    rest-client (1.6.7)
      mime-types (>= 1.16)
    rspec (2.13.0)
      rspec-core (~> 2.13.0)
      rspec-expectations (~> 2.13.0)
      rspec-mocks (~> 2.13.0)
    rspec-core (2.13.1)
    rspec-expectations (2.13.0)
      diff-lcs (>= 1.1.3, < 2.0)
    rspec-mocks (2.13.1)
    ruby2ruby (2.0.4)
      ruby_parser (~> 3.1)
      sexp_processor (~> 4.0)
    ruby_parser (3.1.2)
      sexp_processor (~> 4.1)
    sexp_processor (4.2.0)
    simplecov (0.7.1)
      multi_json (~> 1.0)
      simplecov-html (~> 0.7.1)
    simplecov-html (0.7.1)
    slop (3.4.4)
    terminal-notifier-guard (1.5.3)
    thor (0.18.1)
    to_source (0.2.20)
      abstract_type (~> 0.0.5)
      adamantium (~> 0.0.7)
      equalizer (~> 0.0.5)
      mutant-melbourne (~> 2.0.3)
    yard (0.8.5.2)
    yard-spellcheck (0.1.5)
      ffi-hunspell (~> 0.2)
      yard (~> 0.6)
    yardstick (0.9.5)
      backports (~> 3.0, >= 3.0.3)
      yard (~> 0.8.5)

PLATFORMS
  ruby

DEPENDENCIES
  backports (~> 3.3, >= 3.3.0)
  coveralls (~> 0.6.4)
  devtools!
  flay (~> 2.1.0)
  flog (~> 3.2.3)
  guard (~> 1.7.0)
  guard-bundler (~> 1.0.0)
  guard-rspec (~> 2.5.2)
  jruby-openssl (~> 0.8.5)
  kramdown (~> 1.0.1)
  libnotify (~> 0.8.0)
  listen (~> 0.7.3)
  mutant (~> 0.2.20)
  parser!
  pelusa (~> 0.2.2)
  rake (~> 10.0.4)
  rb-fchange (~> 0.0.6)
  rb-fsevent (~> 0.9.3)
  rb-inotify (~> 0.9.0)
  rb-notifu (~> 0.0.4)
  rbench (~> 0.2.3)
  reek (~> 1.3.1)!
  rspec (~> 2.13.0)
  simplecov (~> 0.7.1)
  terminal-notifier-guard (~> 1.5.3)
  unparser!
  yard (~> 0.8.5.2)
  yard-spellcheck (~> 0.1.5)
  yardstick (~> 0.9.5)
